GEM
  remote: https://rubygems.org/
  specs:
    connection_pool (2.2.5)
    nio4r (2.5.2)
    puma (4.3.5)
      nio4r (~> 2.0)
    rack (2.2.3)
    redis (4.4.0)
    sidekiq (6.2.1)
      connection_pool (>= 2.2.2)
      rack (~> 2.0)
      redis (>= 4.2.0)

PLATFORMS
  ruby

DEPENDENCIES
  puma
  sidekiq

BUNDLED WITH
   2.1.4
